GEM
  remote: https://rubygems.org/
  specs:
    domain_name (0.5.20190701)
      unf (>= 0.0.5, < 1.0.0)
    ffi (1.11.1-x64-mingw32)
    http-accept (1.7.0)
    http-cookie (1.0.3)
      domain_name (~> 0.5)
    mime-types (3.3)
      mime-types-data (~> 3.2015)
    mime-types-data (3.2019.1009)
    mini_portile2 (2.4.0)
    netrc (0.11.0)
    nokogiri (1.10.4-x64-mingw32)
      mini_portile2 (~> 2.4.0)
    rest-client (2.1.0-x64-mingw32)
      ffi (~> 1.9)
      http-accept (>= 1.7.0, < 2.0)
      http-cookie (>= 1.0.2, < 2.0)
      mime-types (>= 1.16, < 4.0)
      netrc (~> 0.8)
    ruby-jmeter (3.1.08)
      nokogiri
      rest-client
    unf (0.1.4)
      unf_ext
    unf_ext (0.0.7.6)

PLATFORMS
  x64-mingw32

DEPENDENCIES
  ruby-jmeter

BUNDLED WITH
   2.0.1
